GEM
  remote: https://rubygems.org/
  specs:
    concurrent-ruby (1.1.4)
    get_process_mem (0.2.3)

PLATFORMS
  ruby

DEPENDENCIES
  concurrent-ruby!
  get_process_mem!

BUNDLED WITH
   1.17.2
