GEM
  remote: https://rubygems.org/
  specs:
    concurrent-ruby (1.0.5)
    get_process_mem (0.2.2)

PLATFORMS
  ruby

DEPENDENCIES
  concurrent-ruby!
  get_process_mem!

BUNDLED WITH
   1.16.1
